GEM
  remote: http://rubygems.org/
  specs:
    actionmailer (2.0.2)
      actionpack (= 2.0.2)
    actionpack (2.0.2)
      activesupport (= 2.0.2)
    activerecord (2.0.2)
      activesupport (= 2.0.2)
    activeresource (2.0.2)
      activesupport (= 2.0.2)
    activesupport (2.0.2)
    god (0.7.14)
    json (1.1.1)
    mysql (2.8.1)
    plist (3.0.0)
    rails (2.0.2)
      actionmailer (= 2.0.2)
      actionpack (= 2.0.2)
      activerecord (= 2.0.2)
      activeresource (= 2.0.2)
      activesupport (= 2.0.2)
      rake (>= 0.7.2)
    rake (0.8.7)
    ruby-openid (2.1.7)
    ruby-yadis (0.3.4)

PLATFORMS
  ruby

DEPENDENCIES
  god (= 0.7.14)
  json (= 1.1.1)
  mysql (= 2.8.1)
  plist (= 3.0.0)
  rails (= 2.0.2)
  ruby-openid (= 2.1.7)
  ruby-yadis (= 0.3.4)
